PATH
  remote: .
  specs:
    huobi_api (0.1.0)

GEM
  remote: https://gems.ruby-china.com/
  specs:
    minitest (5.14.2)
    rake (13.0.3)

PLATFORMS
  x64-mingw32

DEPENDENCIES
  huobi_api!
  minitest (~> 5.0)
  rake (~> 13.0)

BUNDLED WITH
   2.2.15
