PATH
  remote: .
  specs:
    huobi_api (0.1.1)
      faye-websocket (~> 0.11.0)

GEM
  remote: https://gems.ruby-china.com/
  specs:
    eventmachine (1.2.7)
    eventmachine (1.2.7-x64-mingw32)
    faye-websocket (0.11.0)
      eventmachine (>= 0.12.0)
      websocket-driver (>= 0.5.1)
    minitest (5.14.2)
    rake (13.0.3)
    websocket-driver (0.7.3)
      websocket-extensions (>= 0.1.0)
    websocket-extensions (0.1.5)

PLATFORMS
  x64-mingw32
  x86_64-linux

DEPENDENCIES
  eventmachine
  faye-websocket
  huobi_api!
  minitest (~> 5.0)
  rake (~> 13.0)

BUNDLED WITH
   2.2.15
