PATH
  remote: .
  specs:
    huobi_api (0.1.3)
      async
      async-io
      faye-websocket (~> 0.11.0)
      multi_json
      oj

GEM
  remote: https://gems.ruby-china.com/
  specs:
    async (1.29.0)
      console (~> 1.10)
      nio4r (~> 2.3)
      timers (~> 4.1)
    async-io (1.32.2)
      async
    coderay (1.1.3)
    console (1.12.0)
      fiber-local
    eventmachine (1.2.7)
    eventmachine (1.2.7-x64-mingw32)
    faye-websocket (0.11.0)
      eventmachine (>= 0.12.0)
      websocket-driver (>= 0.5.1)
    fiber-local (1.0.0)
    method_source (1.0.0)
    minitest (5.14.2)
    multi_json (1.15.0)
    nio4r (2.5.7)
    oj (3.11.7)
    pry (0.14.1)
      coderay (~> 1.1)
      method_source (~> 1.0)
    rake (13.0.3)
    timers (4.3.3)
    websocket-driver (0.7.3)
      websocket-extensions (>= 0.1.0)
    websocket-extensions (0.1.5)

PLATFORMS
  x64-mingw32
  x86_64-linux

DEPENDENCIES
  async
  async-io
  eventmachine
  faye-websocket
  huobi_api!
  minitest (~> 5.0)
  multi_json
  oj
  pry
  rake (~> 13.0)

BUNDLED WITH
   2.2.15
